PATH
  remote: .
  specs:
    foreman (0.68.0)
      dotenv (~> 0.11.1)
      thor (~> 0.19.1)

GEM
  remote: http://rubygems.org/
  specs:
    aws-s3 (0.6.3)
      builder
      mime-types
      xml-simple
    builder (3.2.2)
    diff-lcs (1.2.5)
    docile (1.1.3)
    dotenv (0.11.1)
      dotenv-deployment (~> 0.0.2)
    dotenv-deployment (0.0.2)
    fakefs (0.3.2)
    hpricot (0.8.6)
    hpricot (0.8.6-java)
    mime-types (2.2)
    multi_json (1.10.1)
    mustache (0.99.5)
    rake (10.3.2)
    rdiscount (2.1.7.1)
    ronn (0.7.3)
      hpricot (>= 0.8.2)
      mustache (>= 0.7.0)
      rdiscount (>= 1.5.8)
    rr (1.0.5)
    rspec (2.14.1)
      rspec-core (~> 2.14.0)
      rspec-expectations (~> 2.14.0)
      rspec-mocks (~> 2.14.0)
    rspec-core (2.14.8)
    rspec-expectations (2.14.5)
      diff-lcs (>= 1.1.3, < 2.0)
    rspec-mocks (2.14.6)
    simplecov (0.8.2)
      docile (~> 1.1.0)
      multi_json
      simplecov-html (~> 0.8.0)
    simplecov-html (0.8.0)
    thor (0.19.1)
    timecop (0.7.1)
    win32console (1.3.2-x86-mingw32)
    xml-simple (1.1.3)
    yard (0.8.7.4)

PLATFORMS
  java
  ruby
  x86-mingw32

DEPENDENCIES
  aws-s3
  fakefs (~> 0.3.2)
  foreman!
  rake
  ronn
  rr (~> 1.0.2)
  rspec (~> 2.14.0)
  simplecov
  timecop
  win32console (~> 1.3.0)
  yard
