PATH
  remote: .
  specs:
    foreman (0.25.0)
      term-ansicolor (~> 1.0.5)
      thor (>= 0.13.6)

GEM
  remote: http://rubygems.org/
  specs:
    aws-s3 (0.6.2)
      builder
      mime-types
      xml-simple
    builder (3.0.0)
    crack (0.1.8)
    diff-lcs (1.1.2)
    fakefs (0.3.2)
    hpricot (0.8.2)
    mime-types (1.16)
    mustache (0.11.2)
    parka (0.6.2)
      crack
      rest-client
      thor
    rake (0.9.2)
    rcov (0.9.8)
    rdiscount (1.6.5)
    rest-client (1.6.1)
      mime-types (>= 1.16)
    ronn (0.7.3)
      hpricot (>= 0.8.2)
      mustache (>= 0.7.0)
      rdiscount (>= 1.5.8)
    rr (1.0.2)
    rspec (2.6.0)
      rspec-core (~> 2.6.0)
      rspec-expectations (~> 2.6.0)
      rspec-mocks (~> 2.6.0)
    rspec-core (2.6.4)
    rspec-expectations (2.6.0)
      diff-lcs (~> 1.1.2)
    rspec-mocks (2.6.0)
    rubyzip (0.9.4)
    term-ansicolor (1.0.6)
    thor (0.14.6)
    xml-simple (1.0.15)

PLATFORMS
  ruby

DEPENDENCIES
  aws-s3
  fakefs (~> 0.3.2)
  foreman!
  parka
  rake
  rcov (~> 0.9.8)
  ronn
  rr (~> 1.0.2)
  rspec (~> 2.6.0)
  rubyzip
