PATH
  remote: .
  specs:
    foreman (0.37.0.pre3)
      term-ansicolor (~> 1.0.7)
      thor (>= 0.13.6)

GEM
  remote: http://rubygems.org/
  specs:
    ZenTest (4.6.2)
    aws-s3 (0.6.2)
      builder
      mime-types
      xml-simple
    builder (3.0.0)
    crack (0.1.8)
    diff-lcs (1.1.3)
    fakefs (0.3.2)
    hpricot (0.8.2)
    hpricot (0.8.2-java)
    mime-types (1.16)
    mustache (0.11.2)
    parka (0.6.2)
      crack
      rest-client
      thor
    posix-spawn (0.3.6)
    rake (0.9.2.2)
    rcov (0.9.8)
    rcov (0.9.8-java)
    rdiscount (1.6.5)
    rest-client (1.6.1)
      mime-types (>= 1.16)
    ronn (0.7.3)
      hpricot (>= 0.8.2)
      mustache (>= 0.7.0)
      rdiscount (>= 1.5.8)
    rr (1.0.2)
    rspec (2.8.0)
      rspec-core (~> 2.8.0)
      rspec-expectations (~> 2.8.0)
      rspec-mocks (~> 2.8.0)
    rspec-core (2.8.0)
    rspec-expectations (2.8.0)
      diff-lcs (~> 1.1.2)
    rspec-mocks (2.8.0)
    rubyzip (0.9.4)
    term-ansicolor (1.0.7)
    thor (0.14.6)
    win32console (1.3.0-x86-mingw32)
    xml-simple (1.0.15)

PLATFORMS
  java
  ruby
  x86-mingw32

DEPENDENCIES
  ZenTest
  aws-s3
  fakefs (~> 0.3.2)
  foreman!
  parka
  posix-spawn (~> 0.3.6)
  rake
  rcov (~> 0.9.8)
  ronn
  rr (~> 1.0.2)
  rspec (~> 2.0)
  rubyzip
  win32console (~> 1.3.0)
