PATH
  remote: .
  specs:
    foreman (0.63.0)
      dotenv (>= 0.7)
      thor (>= 0.13.6)

GEM
  remote: http://rubygems.org/
  specs:
    aws-s3 (0.6.3)
      builder
      mime-types
      xml-simple
    builder (3.2.2)
    diff-lcs (1.2.5)
    docile (1.1.2)
    dotenv (0.9.0)
    fakefs (0.3.2)
    hpricot (0.8.6)
    hpricot (0.8.6-java)
    mime-types (1.25.1)
    multi_json (1.8.4)
    mustache (0.99.5)
    posix-spawn (0.3.8)
    rake (10.1.1)
    rdiscount (1.6.8)
    ronn (0.7.3)
      hpricot (>= 0.8.2)
      mustache (>= 0.7.0)
      rdiscount (>= 1.5.8)
    rr (1.0.5)
    rspec (2.14.1)
      rspec-core (~> 2.14.0)
      rspec-expectations (~> 2.14.0)
      rspec-mocks (~> 2.14.0)
    rspec-core (2.14.7)
    rspec-expectations (2.14.4)
      diff-lcs (>= 1.1.3, < 2.0)
    rspec-mocks (2.14.4)
    simplecov (0.8.2)
      docile (~> 1.1.0)
      multi_json
      simplecov-html (~> 0.8.0)
    simplecov-html (0.8.0)
    thor (0.18.1)
    timecop (0.6.1)
    win32console (1.3.2-x86-mingw32)
    xml-simple (1.1.3)
    yard (0.8.7.3)

PLATFORMS
  java
  ruby
  x86-mingw32

DEPENDENCIES
  aws-s3
  fakefs (~> 0.3.2)
  foreman!
  mime-types (~> 1.25.1)
  posix-spawn (~> 0.3.6)
  rake
  rdiscount (~> 1.6.8)
  ronn
  rr (~> 1.0.2)
  rspec (~> 2.0)
  simplecov
  timecop (= 0.6.1)
  win32console (~> 1.3.0)
  yard
