PATH
  remote: .
  specs:
    foreman (0.84.0)
      thor (~> 0.19.1)

GEM
  remote: http://rubygems.org/
  specs:
    aws-s3 (0.6.3)
      builder
      mime-types
      xml-simple
    builder (3.2.2)
    codeclimate-test-reporter (0.5.0)
      simplecov (>= 0.7.1, < 1.0.0)
    diff-lcs (1.2.5)
    docile (1.1.5)
    fakefs (0.10.1)
    hpricot (0.8.6)
    hpricot (0.8.6-java)
    json (1.8.3)
    json (1.8.3-java)
    mime-types (3.0)
      mime-types-data (~> 3.2015)
    mime-types-data (3.2016.0221)
    mustache (1.0.3)
    rake (11.1.2)
    rdiscount (2.1.8)
    ronn (0.7.3)
      hpricot (>= 0.8.2)
      mustache (>= 0.7.0)
      rdiscount (>= 1.5.8)
    rspec (3.5.0)
      rspec-core (~> 3.5.0)
      rspec-expectations (~> 3.5.0)
      rspec-mocks (~> 3.5.0)
    rspec-core (3.5.4)
      rspec-support (~> 3.5.0)
    rspec-expectations (3.5.0)
      diff-lcs (>= 1.2.0, < 2.0)
      rspec-support (~> 3.5.0)
    rspec-mocks (3.5.0)
      diff-lcs (>= 1.2.0, < 2.0)
      rspec-support (~> 3.5.0)
    rspec-support (3.5.0)
    simplecov (0.11.2)
      docile (~> 1.1.0)
      json (~> 1.8)
      simplecov-html (~> 0.10.0)
    simplecov-html (0.10.0)
    thor (0.19.4)
    timecop (0.8.1)
    xml-simple (1.1.5)
    yard (0.9.12)

PLATFORMS
  java
  ruby
  x86-mingw32

DEPENDENCIES
  aws-s3
  codeclimate-test-reporter
  fakefs (~> 0.10.0)
  foreman!
  rake
  ronn
  rspec (~> 3.5)
  simplecov
  timecop
  yard (~> 0.9.11)
