GIT
  remote: git://github.com/bkeepers/dotenv.git
  revision: bd139d3c2e627c4f5958542de50a1ae7038f0f8d
  branch: 0.7
  specs:
    dotenv (0.7.0)

PATH
  remote: .
  specs:
    foreman (0.62.0)
      dotenv (>= 0.7)
      thor (>= 0.13.6)

GEM
  remote: http://rubygems.org/
  specs:
    aws-s3 (0.6.2)
      builder
      mime-types
      xml-simple
    builder (3.0.0)
    diff-lcs (1.1.3)
    fakefs (0.3.2)
    hpricot (0.8.6)
    hpricot (0.8.6-java)
    mime-types (1.16)
    multi_json (1.0.4)
    mustache (0.11.2)
    posix-spawn (0.3.6)
    rake (0.9.2.2)
    rdiscount (1.6.5)
    ronn (0.7.3)
      hpricot (>= 0.8.2)
      mustache (>= 0.7.0)
      rdiscount (>= 1.5.8)
    rr (1.0.2)
    rspec (2.8.0)
      rspec-core (~> 2.8.0)
      rspec-expectations (~> 2.8.0)
      rspec-mocks (~> 2.8.0)
    rspec-core (2.8.0)
    rspec-expectations (2.8.0)
      diff-lcs (~> 1.1.2)
    rspec-mocks (2.8.0)
    simplecov (0.5.4)
      multi_json (~> 1.0.3)
      simplecov-html (~> 0.5.3)
    simplecov-html (0.5.3)
    thor (0.16.0)
    timecop (0.3.5)
    win32console (1.3.0-x86-mingw32)
    xml-simple (1.0.15)
    yard (0.8.2)

PLATFORMS
  java
  ruby
  x86-mingw32

DEPENDENCIES
  aws-s3
  dotenv!
  fakefs (~> 0.3.2)
  foreman!
  posix-spawn (~> 0.3.6)
  rake
  ronn
  rr (~> 1.0.2)
  rspec (~> 2.0)
  simplecov
  timecop
  win32console (~> 1.3.0)
  yard
